GEM
  remote: https://rubygems.org/
  specs:
    ast (2.3.0)
    mini_portile2 (2.1.0)
    nokogiri (1.6.8-x64-mingw32)
      mini_portile2 (~> 2.1.0)
      pkg-config (~> 1.1.7)
    parser (2.3.1.4)
      ast (~> 2.2)
    pkg-config (1.1.7)
    powerpack (0.1.1)
    rainbow (2.1.0)
    rubocop (0.43.0)
      parser (>= 2.3.1.1, < 3.0)
      powerpack (~> 0.1)
      rainbow (>= 1.99.1, < 3.0)
      ruby-progressbar (~> 1.7)
      unicode-display_width (~> 1.0, >= 1.0.1)
    ruby-progressbar (1.8.1)
    unicode-display_width (1.1.1)

PLATFORMS
  x64-mingw32

DEPENDENCIES
  nokogiri
  rubocop

BUNDLED WITH
   1.12.5
